GEM
  remote: https://rubygems.org/
  specs:
    diff-lcs (1.4.4)
    pastel (0.8.0)
      tty-color (~> 0.5)
    power_assert (2.0.0)
    rspec (3.10.0)
      rspec-core (~> 3.10.0)
      rspec-expectations (~> 3.10.0)
      rspec-mocks (~> 3.10.0)
    rspec-core (3.10.1)
      rspec-support (~> 3.10.0)
    rspec-expectations (3.10.1)
      diff-lcs (>= 1.2.0, < 2.0)
      rspec-support (~> 3.10.0)
    rspec-mocks (3.10.2)
      diff-lcs (>= 1.2.0, < 2.0)
      rspec-support (~> 3.10.0)
    rspec-support (3.10.2)
    test-unit (3.4.0)
      power_assert
    tty-color (0.6.0)
    tty-cursor (0.7.1)
    tty-prompt (0.23.0)
      pastel (~> 0.8)
      tty-reader (~> 0.8)
    tty-reader (0.9.0)
      tty-cursor (~> 0.7)
      tty-screen (~> 0.8)
      wisper (~> 2.0)
    tty-screen (0.8.1)
    wisper (2.0.1)

PLATFORMS
  x86_64-linux

DEPENDENCIES
  rspec (~> 3.10)
  test-unit (~> 3.4)
  tty-prompt (~> 0.23.0)

BUNDLED WITH
   2.2.15
